GEM
  remote: https://rubygems.org/
  specs:
    colored (1.2)
    ethon (0.7.1)
      ffi (>= 1.3.0)
    ffi (1.9.3-x86-mingw32)
    html-proofer (0.8.0)
      colored (~> 1.2)
      mercenary (~> 0.3.2)
      nokogiri (~> 1.6.0)
      typhoeus (~> 0.6.7)
      yell (~> 2.0)
    mercenary (0.3.4)
    mini_portile (0.6.0)
    nokogiri (1.6.2.1-x86-mingw32)
      mini_portile (= 0.6.0)
    typhoeus (0.6.9)
      ethon (>= 0.7.1)
    yell (2.0.4)

PLATFORMS
  x86-mingw32

DEPENDENCIES
  html-proofer
